GEM
  remote: https://rubygems.org/
  specs:
    diff-lcs (1.5.0)
    json (2.5.1)
    mime-types (1.25)
    rack (2.2.9)
    rake (12.3.3)
    rspec (3.0.0)
      rspec-core (~> 3.0.0)
      rspec-expectations (~> 3.0.0)
      rspec-mocks (~> 3.0.0)
    rspec-collection_matchers (1.2.0)
      rspec-expectations (>= 2.99.0.beta1)
    rspec-core (3.0.4)
      rspec-support (~> 3.0.0)
    rspec-expectations (3.0.4)
      diff-lcs (>= 1.2.0, < 2.0)
      rspec-support (~> 3.0.0)
    rspec-mocks (3.0.4)
      rspec-support (~> 3.0.0)
    rspec-support (3.0.4)

PLATFORMS
  ruby

DEPENDENCIES
  json (= 2.5.1)
  mime-types (= 1.25)
  rack (~> 2.2, >= 2.2.8.1)
  rake (< 13.0.0)
  rspec (~> 3.0.0)
  rspec-collection_matchers

BUNDLED WITH
   2.1.4
